GEM
  remote: https://rubygems.org/
  specs:
    inifile (3.0.0)
    lockfile (2.1.3)
    mini_portile2 (2.4.0)
    nokogiri (1.10.1)
      mini_portile2 (~> 2.4.0)

PLATFORMS
  ruby

DEPENDENCIES
  inifile (~> 3.0.0)
  lockfile (~> 2.1.3)
  nokogiri (~> 1.10.1)

BUNDLED WITH
   1.16.1
