GEM
  remote: https://rubygems.org/
  specs:
    inifile (3.0.0)
    lockfile (2.1.3)
    nokogiri (1.15.4-x86_64-linux)
      racc (~> 1.4)
    racc (1.7.1)

PLATFORMS
  x86_64-linux

DEPENDENCIES
  inifile (~> 3.0.0)
  lockfile (~> 2.1.3)
  nokogiri (~> 1.15.4)

BUNDLED WITH
   2.4.1
