GEM
  remote: https://rubygems.org/
  specs:
    inifile (3.0.0)

PLATFORMS
  ruby

DEPENDENCIES
  inifile (~> 3.0.0)

BUNDLED WITH
   1.13.6
