GEM
  remote: https://rubygems.org/
  specs:
    inifile (3.0.0)
    mini_portile2 (2.3.0)
    nokogiri (1.8.2)
      mini_portile2 (~> 2.3.0)

PLATFORMS
  ruby

DEPENDENCIES
  inifile (~> 3.0.0)
  nokogiri (~> 1.8.2)

BUNDLED WITH
   1.13.6
