GEM
  remote: https://rubygems.org/
  specs:
    inifile (3.0.0)
    lockfile (2.1.3)
    nokogiri (1.13.9-x86_64-linux)
      racc (~> 1.4)
    racc (1.6.0)

PLATFORMS
  x86_64-linux

DEPENDENCIES
  inifile (~> 3.0.0)
  lockfile (~> 2.1.3)
  nokogiri (~> 1.13.9)

BUNDLED WITH
   2.3.7
