GEM
  remote: https://rubygems.org/
  specs:
    inifile (3.0.0)
    lockfile (2.1.3)
    mini_portile2 (2.5.0)
    nokogiri (1.11.2)
      mini_portile2 (~> 2.5.0)
      racc (~> 1.4)
    racc (1.5.2)

PLATFORMS
  ruby

DEPENDENCIES
  inifile (~> 3.0.0)
  lockfile (~> 2.1.3)
  nokogiri (~> 1.11.2)

BUNDLED WITH
   2.1.2
